PATH
  remote: .
  specs:
    cocoapods-blacklist (0.1.2)

GEM
  remote: https://rubygems.org/
  specs:
    activesupport (6.0.3.1)
      concurrent-ruby (~> 1.0, >= 1.0.2)
      i18n (>= 0.7, < 2)
      minitest (~> 5.1)
      tzinfo (~> 1.1)
      zeitwerk (~> 2.2, >= 2.2.2)
    addressable (2.3.8)
    bacon (1.2.0)
    claide (0.8.1)
    cocoapods (0.36.4)
      activesupport (>= 3.2.15)
      claide (~> 0.8.1)
      cocoapods-core (= 0.36.4)
      cocoapods-downloader (~> 0.9.0)
      cocoapods-plugins (~> 0.4.1)
      cocoapods-trunk (~> 0.6.0)
      cocoapods-try (~> 0.4.3)
      colored (~> 1.2)
      escape (~> 0.0.4)
      molinillo (~> 0.2.1)
      nap (~> 0.8)
      open4 (~> 1.3)
      xcodeproj (~> 0.23.1)
    cocoapods-core (0.36.4)
      activesupport (>= 3.2.15)
      fuzzy_match (~> 2.0.4)
      nap (~> 0.8.0)
    cocoapods-downloader (0.9.0)
    cocoapods-plugins (0.4.2)
      nap
    cocoapods-trunk (0.6.0)
      nap (>= 0.8)
      netrc (= 0.7.8)
    cocoapods-try (0.4.3)
    colored (1.2)
    concurrent-ruby (1.1.6)
    crack (0.4.2)
      safe_yaml (~> 1.0.0)
    escape (0.0.4)
    fuzzy_match (2.0.4)
    i18n (1.8.3)
      concurrent-ruby (~> 1.0)
    minitest (5.14.1)
    molinillo (0.2.3)
    nap (0.8.0)
    netrc (0.7.8)
    open4 (1.3.4)
    prettybacon (0.0.2)
      bacon (~> 1.2)
    rake (13.0.1)
    safe_yaml (1.0.4)
    thread_safe (0.3.6)
    tzinfo (1.2.7)
      thread_safe (~> 0.1)
    webmock (1.21.0)
      addressable (>= 2.3.6)
      crack (>= 0.3.2)
    xcodeproj (0.23.1)
      activesupport (>= 3)
      colored (~> 1.2)
    zeitwerk (2.3.0)

PLATFORMS
  ruby

DEPENDENCIES
  bacon
  bundler (~> 1.3)
  cocoapods
  cocoapods-blacklist!
  prettybacon
  rake
  webmock

BUNDLED WITH
   1.10.6
